GIT
  remote: git@github.com:Spongecell/sponge_discovery
  revision: 054e3dce8a74f5bf085da4519e736f25bce5bcd0
  tag: 3.3.0
  specs:
    sponge_discovery (3.3.0)
      aws-sdk (< 2.0)

GEM
  remote: https://rubygems.org/
  specs:
    aws-sdk (1.65.0)
      aws-sdk-v1 (= 1.65.0)
    aws-sdk-v1 (1.65.0)
      json (~> 1.4)
      nokogiri (>= 1.4.4)
    json (1.8.3)
    mini_portile (0.6.2)
    nokogiri (1.6.6.2)
      mini_portile (~> 0.6.0)

PLATFORMS
  ruby

DEPENDENCIES
  sponge_discovery!
